GEM
  remote: http://rubygems.org/
  remote: http://gems.github.com/
  specs:
    actionmailer (2.3.8)
      actionpack (= 2.3.8)
    actionpack (2.3.8)
      activesupport (= 2.3.8)
      rack (~> 1.1.0)
    activerecord (2.3.8)
      activesupport (= 2.3.8)
    activeresource (2.3.8)
      activesupport (= 2.3.8)
    activesupport (2.3.8)
    annotate (2.4.0)
    coderay (1.0.5)
    daemon_controller (1.2.0)
    haml (3.1.8)
    json (1.8.1)
    mini_portile (0.5.3)
    mysql (2.9.1)
    nokogiri (1.6.1)
      mini_portile (~> 0.5.0)
    passenger (4.0.42)
      daemon_controller (>= 1.2.0)
      rack
      rake (>= 0.8.1)
    pg (0.17.1)
    rack (1.1.6)
    rails (2.3.8)
      actionmailer (= 2.3.8)
      actionpack (= 2.3.8)
      activerecord (= 2.3.8)
      activeresource (= 2.3.8)
      activesupport (= 2.3.8)
      rake (>= 0.8.3)
    rake (0.9.1)
    rdoc (4.1.1)
      json (~> 1.4)
    seed-fu (1.2.3)
      rails (>= 2.1)

PLATFORMS
  ruby

DEPENDENCIES
  annotate (= 2.4.0)
  coderay (= 1.0.5)
  haml (~> 3.0)
  mysql
  nokogiri
  passenger (>= 4.0.0)
  pg
  rack (= 1.1.6)
  rails (= 2.3.8)
  rake (= 0.9.1)
  rdoc
  seed-fu (= 1.2.3)
