GEM
  remote: http://rubygems.org/
  remote: http://gems.github.com/
  specs:
    actionmailer (2.3.8)
      actionpack (= 2.3.8)
    actionpack (2.3.8)
      activesupport (= 2.3.8)
      rack (~> 1.1.0)
    activerecord (2.3.8)
      activesupport (= 2.3.8)
    activeresource (2.3.8)
      activesupport (= 2.3.8)
    activesupport (2.3.8)
    annotate (2.4.0)
    coderay (1.0.5)
    columnize (0.8.9)
    daemon_controller (0.2.6)
    debugger (1.6.6)
      columnize (>= 0.3.1)
      debugger-linecache (~> 1.2.0)
      debugger-ruby_core_source (~> 1.3.2)
    debugger-linecache (1.2.0)
    debugger-ruby_core_source (1.3.2)
    fastthread (1.0.7)
    haml (3.1.1)
    json (1.7.6)
    method_source (0.8.2)
    mysql (2.8.1)
    nokogiri (1.4.4)
    passenger (3.0.7)
      daemon_controller (>= 0.2.5)
      fastthread (>= 1.0.1)
      rack
      rake (>= 0.8.1)
    pry (0.9.12.6)
      coderay (~> 1.0)
      method_source (~> 0.8)
      slop (~> 3.4)
    pry-debugger (0.2.2)
      debugger (~> 1.3)
      pry (~> 0.9.10)
    rack (1.1.2)
    rails (2.3.8)
      actionmailer (= 2.3.8)
      actionpack (= 2.3.8)
      activerecord (= 2.3.8)
      activeresource (= 2.3.8)
      activesupport (= 2.3.8)
      rake (>= 0.8.3)
    rake (0.9.1)
    rdoc (3.12)
      json (~> 1.4)
    seed-fu (1.2.3)
      rails (>= 2.1)
    slop (3.5.0)

PLATFORMS
  ruby

DEPENDENCIES
  annotate (= 2.4.0)
  coderay (= 1.0.5)
  haml
  mysql
  nokogiri
  passenger
  pry-debugger (~> 0.2.2)
  rails (= 2.3.8)
  rake (= 0.9.1)
  rdoc
  seed-fu (= 1.2.3)
